PATH
  remote: .
  specs:
    mida_vocabulary (0.1.3)
      blankslate

GEM
  remote: https://rubygems.org/
  specs:
    blankslate (3.1.2)
    diff-lcs (1.1.3)
    rake (10.3.1)
    rspec (2.7.0)
      rspec-core (~> 2.7.0)
      rspec-expectations (~> 2.7.0)
      rspec-mocks (~> 2.7.0)
    rspec-core (2.7.1)
    rspec-expectations (2.7.0)
      diff-lcs (~> 1.1.2)
    rspec-mocks (2.7.0)

PLATFORMS
  ruby

DEPENDENCIES
  bundler
  mida_vocabulary!
  rake
  rspec (~> 2.7.0)
